GEM
  remote: https://rubygems.org/
  specs:
    highline (1.6.20)
    sqlite3 (1.3.8)

PLATFORMS
  ruby

DEPENDENCIES
  highline (~> 1.6.20)
  sqlite3
