GEM
  remote: https://rubygems.org/
  specs:
    colorize (0.6.0)
    highline (1.6.20)
    sqlite3 (1.3.8)

PLATFORMS
  ruby

DEPENDENCIES
  colorize (~> 0.6.0)
  highline (~> 1.6.20)
  sqlite3
